GEM
  remote: https://rubygems.org/
  specs:
    activemodel (6.1.2.1)
      activesupport (= 6.1.2.1)
    activerecord (6.1.2.1)
      activemodel (= 6.1.2.1)
      activesupport (= 6.1.2.1)
    activesupport (6.1.2.1)
      concurrent-ruby (~> 1.0, >= 1.0.2)
      i18n (>= 1.6, < 2)
      minitest (>= 5.1)
      tzinfo (~> 2.0)
      zeitwerk (~> 2.3)
    concurrent-ruby (1.1.8)
    i18n (1.8.8)
      concurrent-ruby (~> 1.0)
    minitest (5.14.3)
    sqlite3 (1.4.2)
    tzinfo (2.0.4)
      concurrent-ruby (~> 1.0)
    zeitwerk (2.4.2)

PLATFORMS
  x86_64-darwin-20

DEPENDENCIES
  activerecord (~> 6.1)
  sqlite3 (~> 1.4)

BUNDLED WITH
   2.2.8
